GIT
  remote: https://github.com/stefants/negative-captcha.git
  revision: dc0c1bbde675066ad99e7c701aaac82d789ccf37
  specs:
    negative-captcha (0.1.0)

GEM
  remote: http://rubygems.org/
  specs:
    abstract (1.0.0)
    actionmailer (3.0.5)
      actionpack (= 3.0.5)
      mail (~> 2.2.15)
    actionpack (3.0.5)
      activemodel (= 3.0.5)
      activesupport (= 3.0.5)
      builder (~> 2.1.2)
      erubis (~> 2.6.6)
      i18n (~> 0.4)
      rack (~> 1.2.1)
      rack-mount (~> 0.6.13)
      rack-test (~> 0.5.7)
      tzinfo (~> 0.3.23)
    activemodel (3.0.5)
      activesupport (= 3.0.5)
      builder (~> 2.1.2)
      i18n (~> 0.4)
    activerecord (3.0.5)
      activemodel (= 3.0.5)
      activesupport (= 3.0.5)
      arel (~> 2.0.2)
      tzinfo (~> 0.3.23)
    activeresource (3.0.5)
      activemodel (= 3.0.5)
      activesupport (= 3.0.5)
    activesupport (3.0.5)
    addressable (2.2.7)
    annotate (2.4.0)
    arel (2.0.10)
    bcrypt-ruby (3.0.1)
    builder (2.1.2)
    cancan (1.6.5)
    capybara (1.1.2)
      mime-types (>= 1.16)
      nokogiri (>= 1.3.3)
      rack (>= 1.0.0)
      rack-test (>= 0.5.4)
      selenium-webdriver (~> 2.0)
      xpath (~> 0.1.4)
    childprocess (0.3.1)
      ffi (~> 1.0.6)
    chunky_png (1.1.2)
    compass (0.11.beta.7)
      chunky_png (~> 1.1.0)
      sass (>= 3.1.0.alpha.249)
    cucumber (1.1.0)
      builder (>= 2.1.2)
      diff-lcs (>= 1.1.2)
      gherkin (~> 2.5.0)
      json (>= 1.4.6)
      term-ansicolor (>= 1.0.6)
    cucumber-rails (1.0.6)
      capybara (>= 1.1.1)
      cucumber (>= 1.0.6)
      nokogiri (>= 1.5.0)
    database_cleaner (0.7.1)
    diff-lcs (1.1.3)
    erubis (2.6.6)
      abstract (>= 1.0.0)
    escape_utils (0.2.4)
    factory_girl (2.5.2)
      activesupport (>= 2.3.9)
    factory_girl_rails (1.6.0)
      factory_girl (~> 2.5.0)
      railties (>= 3.0.0)
    ffi (1.0.11)
    formtastic (2.0.0)
      rails (~> 3.0)
    gherkin (2.5.4)
      json (>= 1.4.6)
    guard (1.0.0)
      ffi (>= 0.5.0)
      thor (~> 0.14.6)
    guard-cucumber (0.7.5)
      cucumber (>= 0.10)
      guard (>= 0.8.3)
    guard-rspec (0.6.0)
      guard (>= 0.10.0)
    guard-spork (0.5.2)
      guard (>= 0.10.0)
      spork (>= 0.8.4)
    i18n (0.6.0)
    json (1.6.5)
    launchy (2.0.5)
      addressable (~> 2.2.6)
    mail (2.2.19)
      activesupport (>= 2.3.6)
      i18n (>= 0.4.0)
      mime-types (~> 1.16)
      treetop (~> 1.4.8)
    mime-types (1.16)
    multi_json (1.0.4)
    mysql2 (0.2.6)
    nokogiri (1.5.0)
    pickle (0.4.10)
      cucumber (>= 0.8)
      rake
    polyglot (0.3.2)
    rack (1.2.4)
    rack-mount (0.6.14)
      rack (>= 1.0.0)
    rack-test (0.5.7)
      rack (>= 1.0)
    rails (3.0.5)
      actionmailer (= 3.0.5)
      actionpack (= 3.0.5)
      activerecord (= 3.0.5)
      activeresource (= 3.0.5)
      activesupport (= 3.0.5)
      bundler (~> 1.0)
      railties (= 3.0.5)
    railties (3.0.5)
      actionpack (= 3.0.5)
      activesupport (= 3.0.5)
      rake (>= 0.8.7)
      thor (~> 0.14.4)
    rake (0.9.2)
    rspec (2.7.0)
      rspec-core (~> 2.7.0)
      rspec-expectations (~> 2.7.0)
      rspec-mocks (~> 2.7.0)
    rspec-core (2.7.1)
    rspec-expectations (2.7.0)
      diff-lcs (~> 1.1.2)
    rspec-mocks (2.7.0)
    rspec-rails (2.7.0)
      actionpack (~> 3.0)
      activesupport (~> 3.0)
      railties (~> 3.0)
      rspec (~> 2.7.0)
    rubyzip (0.9.6.1)
    sass (3.2.0.alpha.21)
    selenium-webdriver (2.19.0)
      childprocess (>= 0.2.5)
      ffi (~> 1.0.9)
      multi_json (~> 1.0.4)
      rubyzip
    spork (1.0.0rc2)
    term-ansicolor (1.0.7)
    thor (0.14.6)
    treetop (1.4.10)
      polyglot
      polyglot (>= 0.3.1)
    tzinfo (0.3.29)
    xpath (0.1.4)
      nokogiri (~> 1.3)

PLATFORMS
  ruby

DEPENDENCIES
  annotate
  bcrypt-ruby
  cancan
  capybara
  compass (= 0.11.beta.7)
  cucumber (= 1.1.0)
  cucumber-rails (= 1.0.6)
  database_cleaner
  escape_utils
  factory_girl_rails
  formtastic
  gherkin
  guard
  guard-cucumber
  guard-rspec
  guard-spork
  launchy
  mysql2 (= 0.2.6)
  negative-captcha!
  pickle
  rails (= 3.0.5)
  rspec-rails (= 2.7.0)
  spork (> 0.9.0.rc)
